PATH
  remote: .
  specs:
    google_directions (0.1.6.3)
      nokogiri (>= 1.4.1)

GEM
  remote: https://rubygems.org/
  specs:
    mini_portile (0.6.0)
    nokogiri (1.6.3.1)
      mini_portile (= 0.6.0)

PLATFORMS
  ruby

DEPENDENCIES
  google_directions!
